GIT
  remote: https://github.com/eventswarm/revs
  revision: dbb5460c1f49d078e3f41cb04b219ddad99b63bf
  specs:
    revs (2.0.0.SNAPSHOT-java)
      activesupport (~> 4.1)
      clickatell (~> 0.8)
      mail (~> 2.7)
      uuid (~> 2.3)

GEM
  remote: https://rubygems.org/
  specs:
    activesupport (4.2.11.1)
      i18n (~> 0.7)
      minitest (~> 5.1)
      thread_safe (~> 0.3, >= 0.3.4)
      tzinfo (~> 1.1)
    clickatell (0.8.2)
    concurrent-ruby (1.1.6)
    hashids (1.0.5)
    i18n (0.9.5)
      concurrent-ruby (~> 1.0)
    jbundler (0.4.3)
      maven-tools (~> 0.32.1)
      ruby-maven (~> 3.0.4)
    macaddr (1.7.2)
      systemu (~> 2.6.5)
    mail (2.7.1)
      mini_mime (>= 0.1.1)
    maven-tools (0.32.5)
    mini_mime (1.0.2)
    minitest (5.14.0)
    multi_json (1.14.1)
    mustermann (2.0.2)
      ruby2_keywords (~> 0.0.1)
    rack (2.2.4)
    rack-protection (2.2.3)
      rack
    ruby-maven (3.0.4.1.4)
      maven-tools (~> 0.32.3)
      thor (>= 0.14.6, < 2.0)
    ruby2_keywords (0.0.5)
    sinatra (2.2.3)
      mustermann (~> 2.0)
      rack (~> 2.2)
      rack-protection (= 2.2.3)
      tilt (~> 2.0)
    sinatra-contrib (2.2.3)
      multi_json
      mustermann (~> 2.0)
      rack-protection (= 2.2.3)
      sinatra (= 2.2.3)
      tilt (~> 2.0)
    systemu (2.6.5)
    thor (1.0.1)
    thread_safe (0.3.6-java)
    tilt (2.0.11)
    tzinfo (1.2.6)
      thread_safe (~> 0.1)
    uuid (2.3.9)
      macaddr (~> 1.0)

PLATFORMS
  java
  x86_64-linux

DEPENDENCIES
  hashids
  jbundler
  revs!
  sinatra
  sinatra-contrib

BUNDLED WITH
   2.1.4
