GIT
  remote: https://github.com/eventswarm/revs
  revision: 60b0e996947b0358618e27c1d5862d4d94e5853c
  specs:
    eventswarm-jar (1.0-java)
      java-uuid-generator-jar (~> 3.1.3)
      log4j-jar (~> 1.2.14)
      opencsv-jar (~> 2.3)
    eventswarm-social-jar (1.0-java)
      eventswarm-jar (~> 1.0)
      json-jar (= 20140107)
      log4j-jar (~> 1.2.14)
      twitter4j-jars (~> 4.0.2)
    java-uuid-generator-jar (3.1.3-java)
    json-jar (20140107-java)
    log4j-jar (1.2.14-java)
    opencsv-jar (2.3-java)
    revs (1.0.0.SNAPSHOT)
      activesupport
      clickatell (~> 0.8.2)
      eventswarm-jar (~> 1.0)
      eventswarm-social-jar (~> 1.0)
      json-jar (= 20140107)
      log4j-jar (~> 1.2.14)
      mail (~> 2.5.4)
      twitter-text (~> 1.6.1)
      twitter4j-jars (~> 4.0.2)
      uuid (~> 2.3.7)
    twitter4j-jars (4.0.2-java)

GEM
  remote: https://rubygems.org/
  specs:
    activesupport (6.0.2.1)
      concurrent-ruby (~> 1.0, >= 1.0.2)
      i18n (>= 0.7, < 2)
      minitest (~> 5.1)
      tzinfo (~> 1.1)
      zeitwerk (~> 2.2)
    clickatell (0.8.2)
    concurrent-ruby (1.1.6)
    i18n (1.8.2)
      concurrent-ruby (~> 1.0)
    jbundler (0.4.3)
      maven-tools (~> 0.32.1)
      ruby-maven (~> 3.0.4)
    macaddr (1.7.2)
      systemu (~> 2.6.5)
    mail (2.5.5)
      mime-types (~> 1.16)
      treetop (~> 1.4.8)
    maven-tools (0.32.5)
    mime-types (1.25.1)
    minitest (5.14.0)
    mustermann (1.1.1)
      ruby2_keywords (~> 0.0.1)
    polyglot (0.3.5)
    rack (2.2.2)
    rack-protection (2.0.8.1)
      rack
    ruby-maven (3.0.4.1.4)
      maven-tools (~> 0.32.3)
      thor (>= 0.14.6, < 2.0)
    ruby2_keywords (0.0.2)
    sinatra (2.0.8.1)
      mustermann (~> 1.0)
      rack (~> 2.0)
      rack-protection (= 2.0.8.1)
      tilt (~> 2.0)
    systemu (2.6.5)
    thor (1.0.1)
    thread_safe (0.3.6-java)
    tilt (2.0.10)
    treetop (1.4.15)
      polyglot
      polyglot (>= 0.3.1)
    twitter-text (1.6.4)
      unf (~> 0.1.0)
    tzinfo (1.2.6)
      thread_safe (~> 0.1)
    unf (0.1.4-java)
    uuid (2.3.9)
      macaddr (~> 1.0)
    zeitwerk (2.3.0)

PLATFORMS
  java

DEPENDENCIES
  jbundler
  revs!
  sinatra

BUNDLED WITH
   2.1.4
